GEM
  remote: https://rubygems.org/
  specs:
    icalendar (1.2.1)

PLATFORMS
  ruby

DEPENDENCIES
  bundler (>= 1.1.5)
  icalendar
